GEM
  remote: http://rubygems.org/
  specs:
    abstract (1.0.0)
    builder (3.0.0)
    daemons (1.1.0)
    erubis (2.6.6)
      abstract (>= 1.0.0)
    eventmachine (0.12.10)
    haml (3.0.11)
    hpricot (0.8.3)
    json (1.5.1)
    rack (1.2.1)
    ruby_parser (2.0.5)
      sexp_processor (~> 3.0)
    sexp_processor (3.0.5)
    sinatra (1.0)
      rack (>= 1.0)
    thin (1.2.7)
      daemons (>= 1.0.9)
      eventmachine (>= 0.12.6)
      rack (>= 1.0.0)

PLATFORMS
  ruby

DEPENDENCIES
  builder
  erubis
  haml (= 3.0.11)
  hpricot
  json
  ruby_parser
  sinatra (= 1.0.0)
  thin
