GEM
  remote: http://rubygems.org/
  specs:
    abstract (1.0.0)
    builder (3.0.0)
    crack (0.1.8)
    daemons (1.1.0)
    diff-lcs (1.1.2)
    erubis (2.6.6)
      abstract (>= 1.0.0)
    eventmachine (0.12.10)
    google-translate (0.7.2)
      json_pure
      json_pure (>= 1.1.4)
    haml (3.0.25)
    hpricot (0.8.3)
    json (1.5.1)
    json_pure (1.5.1)
    linguistics (1.0.8)
    rack (1.2.1)
    rspec (2.5.0)
      rspec-core (~> 2.5.0)
      rspec-expectations (~> 2.5.0)
      rspec-mocks (~> 2.5.0)
    rspec-core (2.5.1)
    rspec-expectations (2.5.0)
      diff-lcs (~> 1.1.2)
    rspec-mocks (2.5.0)
    ruby_parser (2.0.5)
      sexp_processor (~> 3.0)
    sexp_processor (3.0.5)
    sinatra (1.1.2)
      rack (~> 1.1)
      tilt (~> 1.2)
    thin (1.2.7)
      daemons (>= 1.0.9)
      eventmachine (>= 0.12.6)
      rack (>= 1.0.0)
    tilt (1.2.2)

PLATFORMS
  ruby

DEPENDENCIES
  builder
  crack
  erubis
  google-translate
  haml
  hpricot
  json
  linguistics
  rspec
  ruby_parser
  sinatra
  thin
